GEM
  remote: http://rubygems.org/
  specs:
    Platform (0.4.0)
    activesupport (3.1.0)
      multi_json (~> 1.0)
    backup (3.0.18)
      popen4 (~> 0.1.2)
      thor (~> 0.14.6)
    builder (3.0.0)
    chronic (0.6.4)
    excon (0.7.4)
    fog (1.0.0)
      builder
      excon (~> 0.7.3)
      formatador (~> 0.2.0)
      mime-types
      multi_json (~> 1.0.3)
      net-scp (~> 1.0.4)
      net-ssh (~> 2.1.4)
      nokogiri (~> 1.5.0)
      ruby-hmac
    formatador (0.2.1)
    i18n (0.6.0)
    mail (2.3.0)
      i18n (>= 0.4.0)
      mime-types (~> 1.16)
      treetop (~> 1.4.8)
    mime-types (1.16)
    multi_json (1.0.3)
    net-scp (1.0.4)
      net-ssh (>= 1.99.1)
    net-ssh (2.1.4)
    nokogiri (1.5.0)
    open4 (1.1.0)
    parseconfig (0.5.2)
    polyglot (0.3.2)
    popen4 (0.1.2)
      Platform (>= 0.4.0)
      open4 (>= 0.4.0)
    rake (0.9.2)
    rbrc (0.0.2)
      activesupport (~> 3.1.0)
      i18n (~> 0.6.0)
      parseconfig (~> 0.5.2)
    ruby-hmac (0.4.0)
    thor (0.14.6)
    treetop (1.4.10)
      polyglot
      polyglot (>= 0.3.1)
    whenever (0.7.0)
      activesupport (>= 2.3.4)
      chronic (~> 0.6.3)

PLATFORMS
  ruby

DEPENDENCIES
  backup (~> 3.0.18)
  fog (~> 1.0.0)
  mail (~> 2.3.0)
  rake
  rbrc (~> 0.0.2)
  whenever (~> 0.7.0)
